GEM
  remote: https://rubygems.org/
  specs:
    ansi (1.5.0)
    builder (3.2.3)
    minitest (5.11.3)
    minitest-reporters (1.3.6)
      ansi
      builder
      minitest (>= 5.0)
      ruby-progressbar
    ruby-progressbar (1.10.0)

PLATFORMS
  ruby

DEPENDENCIES
  minitest
  minitest-reporters

BUNDLED WITH
   1.17.2
