GEM
  remote: https://rubygems.org/
  specs:
    ansi (1.5.0)
    awesome_print (1.8.0)
    builder (3.2.3)
    minitest (5.11.3)
    minitest-reporters (1.3.6)
      ansi
      builder
      minitest (>= 5.0)
      ruby-progressbar
    prettier (0.12.3)
    ruby-progressbar (1.10.0)

PLATFORMS
  ruby

DEPENDENCIES
  awesome_print
  minitest
  minitest-reporters
  prettier

BUNDLED WITH
   1.17.2
